GEM
  remote: https://rubygems.org/
  specs:
    daemons (1.2.2)
    slack-rtmapi (1.0.0.rc4)
      websocket-driver
    websocket-driver (0.5.4)
      websocket-extensions (>= 0.1.0)
    websocket-extensions (0.1.2)

PLATFORMS
  ruby

DEPENDENCIES
  daemons
  slack-rtmapi (= 1.0.0.rc4)
